GEM
  remote: https://rubygems.org/
  specs:
    addressable (2.8.2)
      public_suffix (>= 2.0.2, < 6.0)
    arr-pm (0.0.12)
    ast (2.4.2)
    backports (3.24.0)
    cabin (0.9.0)
    clamp (1.0.1)
    coderay (1.1.3)
    concurrent-ruby (1.1.10)
    deep_merge (1.2.2)
    diff-lcs (1.5.0)
    dotenv (2.8.1)
    facter (4.3.0)
      hocon (~> 1.3)
      thor (>= 1.0.1, < 2.0)
    faraday (2.7.4)
      faraday-net_http (>= 2.0, < 3.1)
      ruby2_keywords (>= 0.0.4)
    faraday-net_http (3.0.2)
    fast_gettext (2.3.0)
    fpm (1.15.1)
      arr-pm (~> 0.0.11)
      backports (>= 2.6.2)
      cabin (>= 0.6.0)
      clamp (~> 1.0.0)
      pleaserun (~> 0.0.29)
      rexml
      stud
    fpm-cookery (0.36.0)
      addressable (~> 2.8)
      facter
      fpm (~> 1.1)
      json (~> 2.6)
      json_pure (~> 2.6)
      puppet (>= 3.4, < 8.0)
      safe_yaml (~> 1.0.4)
      systemu
      uri-ssh_git (~> 2.0)
    git (1.11.0)
      rchardet (~> 1.8)
    hiera (3.12.0)
    hocon (1.4.0)
    insist (1.0.0)
    json (2.6.3)
    json_pure (2.6.3)
    locale (2.1.3)
    method_source (1.0.0)
    multi_json (1.15.0)
    mustache (0.99.8)
    net-scp (4.0.0)
      net-ssh (>= 2.6.5, < 8.0.0)
    net-ssh (7.1.0)
    net-telnet (0.1.1)
    parallel (1.22.1)
    parser (3.2.2.0)
      ast (~> 2.4.1)
    pleaserun (0.0.32)
      cabin (> 0)
      clamp
      dotenv
      insist
      mustache (= 0.99.8)
      stud
    pry (0.14.2)
      coderay (~> 1.1)
      method_source (~> 1.0)
    public_suffix (5.0.1)
    puppet (7.23.0)
      concurrent-ruby (~> 1.0, < 1.2.0)
      deep_merge (~> 1.0)
      facter (> 2.0.1, < 5)
      fast_gettext (>= 1.1, < 3)
      hiera (>= 3.2.1, < 4)
      locale (~> 2.1)
      multi_json (~> 1.10)
      puppet-resource_api (~> 1.5)
      scanf (~> 1.0)
      semantic_puppet (~> 1.0)
    puppet-resource_api (1.8.14)
      hocon (>= 1.0)
    rainbow (3.1.1)
    rake (13.0.6)
    rchardet (1.8.0)
    regexp_parser (2.7.0)
    rexml (3.2.5)
    rspec (3.12.0)
      rspec-core (~> 3.12.0)
      rspec-expectations (~> 3.12.0)
      rspec-mocks (~> 3.12.0)
    rspec-core (3.12.1)
      rspec-support (~> 3.12.0)
    rspec-expectations (3.12.2)
      diff-lcs (>= 1.2.0, < 2.0)
      rspec-support (~> 3.12.0)
    rspec-its (1.3.0)
      rspec-core (>= 3.0.0)
      rspec-expectations (>= 3.0.0)
    rspec-mocks (3.12.5)
      diff-lcs (>= 1.2.0, < 2.0)
      rspec-support (~> 3.12.0)
    rspec-support (3.12.0)
    rubocop (1.31.0)
      parallel (~> 1.10)
      parser (>= 3.1.0.0)
      rainbow (>= 2.2.2, < 4.0)
      regexp_parser (>= 1.8, < 3.0)
      rexml (>= 3.2.5, < 4.0)
      rubocop-ast (>= 1.18.0, < 2.0)
      ruby-progressbar (~> 1.7)
      unicode-display_width (>= 1.4.0, < 3.0)
    rubocop-ast (1.28.0)
      parser (>= 3.2.1.0)
    ruby-progressbar (1.13.0)
    ruby2_keywords (0.0.5)
    safe_yaml (1.0.5)
    scanf (1.0.0)
    semantic_puppet (1.0.4)
    serverspec (2.41.8)
      multi_json
      rspec (~> 3.0)
      rspec-its
      specinfra (~> 2.72)
    sfl (2.3)
    specinfra (2.85.0)
      net-scp
      net-ssh (>= 2.7)
      net-telnet (= 0.1.1)
      sfl
    stud (0.0.23)
    systemu (2.6.5)
    thor (1.2.1)
    unicode-display_width (2.4.2)
    uri-ssh_git (2.0.0)

PLATFORMS
  x86_64-linux

DEPENDENCIES
  faraday
  fpm-cookery (= 0.36.0)
  git
  pry
  rake
  rubocop
  serverspec (= 2.41.8)

BUNDLED WITH
   2.2.32
