GEM
  remote: https://rubygems.org/
  specs:
    addressable (2.3.8)
    arr-pm (0.0.11)
      cabin (> 0)
    ast (2.4.2)
    backports (3.23.0)
    cabin (0.9.0)
    clamp (1.0.1)
    coderay (1.1.3)
    diff-lcs (1.5.0)
    dotenv (2.7.6)
    facter (2.5.7)
    faraday (2.1.0)
      faraday-net_http (~> 2.0)
      ruby2_keywords (>= 0.0.4)
    faraday-net_http (2.0.1)
    fast_gettext (1.1.2)
    fpm (1.14.1)
      arr-pm (~> 0.0.11)
      backports (>= 2.6.2)
      cabin (>= 0.6.0)
      clamp (~> 1.0.0)
      git (>= 1.3.0, < 2.0)
      json (>= 1.7.7, < 3.0)
      pleaserun (~> 0.0.29)
      rexml
      stud
    fpm-cookery (0.35.1)
      addressable (~> 2.3.8)
      facter
      fpm (~> 1.1)
      json (>= 1.7.7, < 2.0)
      json_pure (>= 1.7.7, < 2.0)
      puppet (>= 3.4, < 6.0)
      safe_yaml (~> 1.0.4)
      systemu
    git (1.10.2)
      rchardet (~> 1.8)
    hiera (3.8.0)
    insist (1.0.0)
    json (1.8.6)
    json_pure (1.8.6)
    locale (2.1.3)
    method_source (1.0.0)
    multi_json (1.15.0)
    mustache (0.99.8)
    net-scp (3.0.0)
      net-ssh (>= 2.6.5, < 7.0.0)
    net-ssh (6.1.0)
    net-telnet (0.1.1)
    parallel (1.21.0)
    parser (3.1.0.0)
      ast (~> 2.4.1)
    pleaserun (0.0.32)
      cabin (> 0)
      clamp
      dotenv
      insist
      mustache (= 0.99.8)
      stud
    pry (0.14.1)
      coderay (~> 1.1)
      method_source (~> 1.0)
    puppet (5.5.22)
      facter (> 2.0.1, < 4)
      fast_gettext (~> 1.1.2)
      hiera (>= 3.2.1, < 4)
      locale (~> 2.1)
      multi_json (~> 1.10)
    rainbow (3.1.1)
    rake (13.0.6)
    rchardet (1.8.0)
    regexp_parser (2.2.0)
    rexml (3.2.5)
    rspec (3.10.0)
      rspec-core (~> 3.10.0)
      rspec-expectations (~> 3.10.0)
      rspec-mocks (~> 3.10.0)
    rspec-core (3.10.2)
      rspec-support (~> 3.10.0)
    rspec-expectations (3.10.2)
      diff-lcs (>= 1.2.0, < 2.0)
      rspec-support (~> 3.10.0)
    rspec-its (1.3.0)
      rspec-core (>= 3.0.0)
      rspec-expectations (>= 3.0.0)
    rspec-mocks (3.10.3)
      diff-lcs (>= 1.2.0, < 2.0)
      rspec-support (~> 3.10.0)
    rspec-support (3.10.3)
    rubocop (1.25.0)
      parallel (~> 1.10)
      parser (>= 3.1.0.0)
      rainbow (>= 2.2.2, < 4.0)
      regexp_parser (>= 1.8, < 3.0)
      rexml
      rubocop-ast (>= 1.15.1, < 2.0)
      ruby-progressbar (~> 1.7)
      unicode-display_width (>= 1.4.0, < 3.0)
    rubocop-ast (1.15.1)
      parser (>= 3.0.1.1)
    ruby-progressbar (1.11.0)
    ruby2_keywords (0.0.5)
    safe_yaml (1.0.5)
    serverspec (2.41.8)
      multi_json
      rspec (~> 3.0)
      rspec-its
      specinfra (~> 2.72)
    sfl (2.3)
    specinfra (2.83.1)
      net-scp
      net-ssh (>= 2.7)
      net-telnet (= 0.1.1)
      sfl
    stud (0.0.23)
    systemu (2.6.5)
    unicode-display_width (2.1.0)

PLATFORMS
  ruby

DEPENDENCIES
  faraday
  fpm-cookery
  git
  pry
  rake
  rubocop
  serverspec (= 2.41.8)

BUNDLED WITH
   2.2.32
